PATH
  remote: .
  specs:
    octovy-test (0.1.0)
      rotp (~> 6.2.0)

GEM
  remote: https://rubygems.org/
  specs:
    rake (10.5.0)
    rotp (6.2.2)

PLATFORMS
  ruby

DEPENDENCIES
  bundler (~> 1.17)
  octovy-test!
  rake (~> 10.0)

BUNDLED WITH
   1.17.2
