PATH
  remote: .
  specs:
    octovy-test (0.1.0)

GEM
  remote: https://rubygems.org/
  specs:

PLATFORMS
  ruby

DEPENDENCIES
  bundler (~> 1.17)
  octovy-test!

BUNDLED WITH
   1.17.2
